GEM
  remote: https://rubygems.org/
  specs:
    sqlite3 (1.6.2-arm64-darwin)
    sqlite3 (1.6.2-x86_64-darwin)

PLATFORMS
  arm64-darwin-22
  x86_64-darwin-19

DEPENDENCIES
  sqlite3

BUNDLED WITH
   2.4.9
